GEM
  specs:
    rake (13.0.6)